GEM
  remote: https://rubygems.org/
  specs:
    colorize (0.7.3)
    mini_portile (0.6.0)
    nokogiri (1.6.2.1)
      mini_portile (= 0.6.0)
    stopwords (0.2)

PLATFORMS
  ruby

DEPENDENCIES
  colorize
  nokogiri
  stopwords
