GEM
  remote: https://rubygems.org/
  specs:
    colorize (0.7.3)
    json (1.8.1)
    mini_portile2 (2.3.0)
    nokogiri (1.8.5)
      mini_portile2 (~> 2.3.0)
    stopwords (0.2)

PLATFORMS
  ruby

DEPENDENCIES
  colorize
  json
  nokogiri (>= 1.8.5)
  stopwords

BUNDLED WITH
   1.16.6
